GEM
  remote: https://rubygems.org/
  specs:
    actioncable (5.2.3)
      actionpack (= 5.2.3)
      nio4r (~> 2.0)
      websocket-driver (>= 0.6.1)
    actionmailer (5.2.3)
      actionpack (= 5.2.3)
      actionview (= 5.2.3)
      activejob (= 5.2.3)
      mail (~> 2.5, >= 2.5.4)
      rails-dom-testing (~> 2.0)
    actionpack (5.2.3)
      actionview (= 5.2.3)
      activesupport (= 5.2.3)
      rack (~> 2.0)
      rack-test (>= 0.6.3)
      rails-dom-testing (~> 2.0)
      rails-html-sanitizer (~> 1.0, >= 1.0.2)
    actionview (5.2.3)
      activesupport (= 5.2.3)
      builder (~> 3.1)
      erubi (~> 1.4)
      rails-dom-testing (~> 2.0)
      rails-html-sanitizer (~> 1.0, >= 1.0.3)
    active_type (0.7.5)
      activerecord (>= 3.2)
    activejob (5.2.3)
      activesupport (= 5.2.3)
      globalid (>= 0.3.6)
    activemodel (5.2.3)
      activesupport (= 5.2.3)
    activerecord (5.2.3)
      activemodel (= 5.2.3)
      activesupport (= 5.2.3)
      arel (>= 9.0)
    activestorage (5.2.3)
      actionpack (= 5.2.3)
      activerecord (= 5.2.3)
      marcel (~> 0.3.1)
    activesupport (5.2.3)
      concurrent-ruby (~> 1.0, >= 1.0.2)
      i18n (>= 0.7, < 2)
      minitest (~> 5.1)
      tzinfo (~> 1.1)
    addressable (2.6.0)
      public_suffix (>= 2.0.2, < 4.0)
    annotate (2.7.4)
      activerecord (>= 3.2, < 6.0)
      rake (>= 10.4, < 13.0)
    arel (9.0.0)
    ast (2.4.0)
    aws-sigv4 (1.0.3)
    bcrypt (3.1.13)
    better_errors (2.5.0)
      coderay (>= 1.0.0)
      erubi (>= 1.0.0)
      rack (>= 0.9.0)
    binding_of_caller (0.8.0)
      debug_inspector (>= 0.0.1)
    bugsnag (6.11.0)
      concurrent-ruby (~> 1.0)
    builder (3.2.3)
    bullet (5.9.0)
      activesupport (>= 3.0.0)
      uniform_notifier (~> 1.11)
    bundler-audit (0.6.1)
      bundler (>= 1.2.0, < 3)
      thor (~> 0.18)
    byebug (10.0.2)
    childprocess (0.9.0)
      ffi (~> 1.0, >= 1.0.11)
    coderay (1.1.2)
    commander (4.4.7)
      highline (~> 2.0.0)
    concurrent-ruby (1.1.5)
    content_disposition (1.0.0)
    crack (0.4.3)
      safe_yaml (~> 1.0.0)
    crass (1.0.5)
    debug_inspector (0.0.3)
    devise (4.7.1)
      bcrypt (~> 3.0)
      orm_adapter (~> 0.1)
      railties (>= 4.1.0)
      responders
      warden (~> 1.2.3)
    diff-lcs (1.3)
    down (4.8.0)
      addressable (~> 2.5)
    dox (1.1.0)
      rails (>= 4.0)
      rspec-core
    enumerations (2.3.1)
      activerecord
      activesupport
      i18n
    equatable (0.5.0)
    erubi (1.9.0)
    execjs (2.7.0)
    factory_bot (4.11.1)
      activesupport (>= 3.0.0)
    factory_bot_rails (4.11.1)
      factory_bot (~> 4.11.1)
      railties (>= 3.0.0)
    fast_jsonapi (1.5)
      activesupport (>= 4.2)
    fastimage (2.1.5)
    ffi (1.10.0)
    figaro (1.1.1)
      thor (~> 0.14)
    fivemat (1.3.7)
    globalid (0.4.2)
      activesupport (>= 4.2.0)
    hashdiff (0.3.8)
    highline (2.0.0)
    i18n (1.7.0)
      concurrent-ruby (~> 1.0)
    image_processing (1.7.1)
      mini_magick (~> 4.0)
      ruby-vips (>= 2.0.13, < 3)
    iniparse (1.4.4)
    jaro_winkler (1.5.2)
    json-schema (2.8.1)
      addressable (>= 2.4)
    json_api_responders (2.5.0)
    json_matchers (0.7.3)
      json-schema (~> 2.7)
    jsonapi_parameters (0.3.0)
      actionpack (>= 4.1.8)
      activesupport (>= 4.1.8)
    jwt (2.1.0)
    kaminari (1.1.1)
      activesupport (>= 4.1.0)
      kaminari-actionview (= 1.1.1)
      kaminari-activerecord (= 1.1.1)
      kaminari-core (= 1.1.1)
    kaminari-actionview (1.1.1)
      actionview
      kaminari-core (= 1.1.1)
    kaminari-activerecord (1.1.1)
      activerecord
      kaminari-core (= 1.1.1)
    kaminari-core (1.1.1)
    launchy (2.4.3)
      addressable (~> 2.3)
    letter_opener (1.7.0)
      launchy (~> 2.2)
    listen (3.1.5)
      rb-fsevent (~> 0.9, >= 0.9.4)
      rb-inotify (~> 0.9, >= 0.9.7)
      ruby_dep (~> 1.2)
    loofah (2.3.1)
      crass (~> 1.0.2)
      nokogiri (>= 1.5.9)
    mail (2.7.1)
      mini_mime (>= 0.1.1)
    marcel (0.3.3)
      mimemagic (~> 0.3.2)
    memoist (0.16.0)
    method_source (0.9.2)
    mimemagic (0.3.3)
    mina (1.2.3)
      open4 (~> 1.3.4)
      rake
    mina-data_sync (1.0.4)
      mina (~> 1.0)
      tty-prompt (~> 0.4)
    mina-dox (0.1.0)
      mina (~> 1.0)
    mina-infinum (1.3.0)
      mina (~> 1.0)
      mina-data_sync (~> 1.0)
      mina-dox (~> 0.1)
      mina-secrets (~> 1.2)
      mina-whenever (~> 1.0)
    mina-secrets (1.3.0)
      mina (~> 1.0)
      secrets_cli (~> 1.5)
    mina-sidekiq (1.0.3)
      mina (>= 1.0.2)
    mina-whenever (1.0.1)
      mina (~> 1.0)
    mini_magick (4.9.5)
    mini_mime (1.0.2)
    mini_portile2 (2.4.0)
    minitest (5.13.0)
    necromancer (0.4.0)
    nio4r (2.4.0)
    nokogiri (1.10.5)
      mini_portile2 (~> 2.4.0)
    open4 (1.3.4)
    orm_adapter (0.5.0)
    overcommit (0.46.0)
      childprocess (~> 0.6, >= 0.6.3)
      iniparse (~> 1.4)
    parallel (1.13.0)
    parser (2.6.0.0)
      ast (~> 2.4.0)
    pastel (0.7.2)
      equatable (~> 0.5.0)
      tty-color (~> 0.4.0)
    pg (1.1.4)
    powerpack (0.1.2)
    pry (0.12.2)
      coderay (~> 1.1.0)
      method_source (~> 0.9.0)
    pry-byebug (3.6.0)
      byebug (~> 10.0)
      pry (~> 0.10)
    pry-rails (0.3.9)
      pry (>= 0.10.4)
    public_suffix (3.0.3)
    puma (3.12.0)
    pundit (2.0.0)
      activesupport (>= 3.0.0)
    rack (2.0.7)
    rack-test (1.1.0)
      rack (>= 1.0, < 3)
    rails (5.2.3)
      actioncable (= 5.2.3)
      actionmailer (= 5.2.3)
      actionpack (= 5.2.3)
      actionview (= 5.2.3)
      activejob (= 5.2.3)
      activemodel (= 5.2.3)
      activerecord (= 5.2.3)
      activestorage (= 5.2.3)
      activesupport (= 5.2.3)
      bundler (>= 1.3.0)
      railties (= 5.2.3)
      sprockets-rails (>= 2.0.0)
    rails-controller-testing (1.0.4)
      actionpack (>= 5.0.1.x)
      actionview (>= 5.0.1.x)
      activesupport (>= 5.0.1.x)
    rails-dom-testing (2.0.3)
      activesupport (>= 4.2.0)
      nokogiri (>= 1.6)
    rails-html-sanitizer (1.3.0)
      loofah (~> 2.3)
    railties (5.2.3)
      actionpack (= 5.2.3)
      activesupport (= 5.2.3)
      method_source
      rake (>= 0.8.7)
      thor (>= 0.19.0, < 2.0)
    rainbow (3.0.0)
    rake (12.3.3)
    rb-fsevent (0.10.3)
    rb-inotify (0.10.0)
      ffi (~> 1.0)
    responders (3.0.0)
      actionpack (>= 5.0)
      railties (>= 5.0)
    roda (3.16.0)
      rack
    rspec-core (3.8.0)
      rspec-support (~> 3.8.0)
    rspec-expectations (3.8.2)
      diff-lcs (>= 1.2.0, < 2.0)
      rspec-support (~> 3.8.0)
    rspec-mocks (3.8.0)
      diff-lcs (>= 1.2.0, < 2.0)
      rspec-support (~> 3.8.0)
    rspec-rails (3.8.2)
      actionpack (>= 3.0)
      activesupport (>= 3.0)
      railties (>= 3.0)
      rspec-core (~> 3.8.0)
      rspec-expectations (~> 3.8.0)
      rspec-mocks (~> 3.8.0)
      rspec-support (~> 3.8.0)
    rspec-support (3.8.0)
    rubocop (0.63.1)
      jaro_winkler (~> 1.5.1)
      parallel (~> 1.10)
      parser (>= 2.5, != 2.5.1.1)
      powerpack (~> 0.1)
      rainbow (>= 2.2.2, < 4.0)
      ruby-progressbar (~> 1.7)
      unicode-display_width (~> 1.4.0)
    rubocop-rspec (1.31.0)
      rubocop (>= 0.60.0)
    ruby-progressbar (1.10.0)
    ruby-vips (2.0.13)
      ffi (~> 1.9)
    ruby_dep (1.5.0)
    safe_yaml (1.0.4)
    sass (3.7.3)
      sass-listen (~> 4.0.0)
    sass-listen (4.0.0)
      rb-fsevent (~> 0.9, >= 0.9.4)
      rb-inotify (~> 0.9, >= 0.9.7)
    sass-rails (5.0.7)
      railties (>= 4.0.0, < 6)
      sass (~> 3.1)
      sprockets (>= 2.8, < 4.0)
      sprockets-rails (>= 2.0, < 4.0)
      tilt (>= 1.1, < 3)
    secrets_cli (1.10.0)
      commander
      tty-file
      tty-prompt
      vault (~> 0.7)
    shoulda-matchers (4.0.1)
      activesupport (>= 4.2.0)
    shrine (2.14.0)
      content_disposition (~> 1.0)
      down (~> 4.1)
    shrine-memory (0.3.0)
      shrine (~> 2.2)
    spring (2.0.2)
      activesupport (>= 4.2)
    spring-commands-rspec (1.0.4)
      spring (>= 0.9.1)
    spring-watcher-listen (2.0.1)
      listen (>= 2.7, < 4.0)
      spring (>= 1.2, < 3.0)
    sprockets (3.7.2)
      concurrent-ruby (~> 1.0)
      rack (> 1, < 3)
    sprockets-rails (3.2.1)
      actionpack (>= 4.0)
      activesupport (>= 4.0)
      sprockets (>= 3.0.0)
    thor (0.20.3)
    thread_safe (0.3.6)
    tilt (2.0.9)
    timecop (0.9.1)
    timers (4.3.0)
    tty-color (0.4.3)
    tty-cursor (0.6.0)
    tty-file (0.7.0)
      diff-lcs (~> 1.3)
      pastel (~> 0.7.2)
      tty-prompt (~> 0.18)
    tty-prompt (0.18.1)
      necromancer (~> 0.4.0)
      pastel (~> 0.7.0)
      timers (~> 4.0)
      tty-cursor (~> 0.6.0)
      tty-reader (~> 0.5.0)
    tty-reader (0.5.0)
      tty-cursor (~> 0.6.0)
      tty-screen (~> 0.6.4)
      wisper (~> 2.0.0)
    tty-screen (0.6.5)
    tzinfo (1.2.5)
      thread_safe (~> 0.1)
    uglifier (4.1.20)
      execjs (>= 0.3.0, < 3)
    unicode-display_width (1.4.1)
    uniform_notifier (1.12.1)
    vault (0.12.0)
      aws-sigv4
    vcr (4.0.0)
    warden (1.2.8)
      rack (>= 2.0.6)
    webmock (3.5.1)
      addressable (>= 2.3.6)
      crack (>= 0.3.2)
      hashdiff
    websocket-driver (0.7.1)
      websocket-extensions (>= 0.1.0)
    websocket-extensions (0.1.4)
    wisper (2.0.0)
    wisper-rspec (1.1.0)

PLATFORMS
  ruby

DEPENDENCIES
  active_type
  annotate
  better_errors
  binding_of_caller
  bugsnag
  bullet
  bundler-audit
  devise
  dox
  enumerations
  factory_bot_rails
  fast_jsonapi
  fastimage
  figaro
  fivemat
  image_processing
  json-schema
  json_api_responders
  json_matchers (~> 0.7.2)
  jsonapi_parameters
  jwt
  kaminari
  letter_opener
  listen (>= 3.0.5, < 3.2)
  memoist
  mina-infinum
  mina-sidekiq
  mini_magick
  overcommit
  pg (>= 0.18, < 2.0)
  pry-byebug
  pry-rails
  puma (~> 3.7)
  pundit
  rails (~> 5.2.3)
  rails-controller-testing
  roda
  rspec-rails
  rubocop
  rubocop-rspec
  sass-rails (~> 5.0)
  secrets_cli
  shoulda-matchers
  shrine
  shrine-memory
  spring
  spring-commands-rspec
  spring-watcher-listen (~> 2.0.0)
  timecop
  uglifier (>= 1.3.0)
  vcr
  webmock
  wisper-rspec

BUNDLED WITH
   1.17.2
